PATH
  remote: .
  specs:
    oxidized (0.19.0)
      asetus (~> 0.1)
      net-ssh (~> 3.0.2)
      rugged (~> 0.21, >= 0.21.4)
      slop (~> 3.5)

GEM
  remote: https://rubygems.org/
  specs:
    asetus (0.3.0)
    coderay (1.1.0)
    faraday (0.9.0)
      multipart-post (>= 1.2, < 3)
    faraday_middleware (0.11.0.1)
      faraday (>= 0.7.4, < 1.0)
    git (1.3.0)
    metaclass (0.0.4)
    method_source (0.8.2)
    minitest (5.9.0)
    mocha (1.1.0)
      metaclass (~> 0.0.1)
    multi_json (1.12.1)
    multipart-post (2.0.0)
    net-ssh (3.0.2)
    pry (0.10.3)
      coderay (~> 1.1.0)
      method_source (~> 0.8.1)
      slop (~> 3.4)
    rake (10.5.0)
    rugged (0.25.1.1)
    slack-api (0.0.4)
      faraday (>= 0.7, <= 0.9)
      faraday_middleware (~> 0.8)
      multi_json (~> 1.0, >= 1.0.3)
    slop (3.6.0)

PLATFORMS
  ruby

DEPENDENCIES
  bundler (~> 1.10)
  git (~> 1)
  minitest (~> 5.8)
  mocha (~> 1.1)
  oxidized!
  pry (~> 0)
  rake (~> 10.0)
  slack-api (~> 0)

BUNDLED WITH
   1.14.6
